GEM
  remote: https://rubygems.org/
  specs:
    pg (1.5.5-x64-mingw-ucrt)

PLATFORMS
  x64-mingw-ucrt

DEPENDENCIES
  pg

BUNDLED WITH
   2.5.6
